PATH
  remote: .
  specs:
    typed_contracts (0.1.0)
      contracts
      kleisli

GEM
  remote: https://rubygems.org/
  specs:
    contracts (0.16.0)
    kleisli (0.2.7)
    minitest (5.11.1)
    rake (10.5.0)

PLATFORMS
  ruby

DEPENDENCIES
  bundler (~> 1.16)
  minitest (~> 5.0)
  rake (~> 10.0)
  typed_contracts!

BUNDLED WITH
   1.16.1
